GEM
  remote: https://rubygems.org/
  specs:
    tasks_gem (0.1.1)

PLATFORMS
  ruby

DEPENDENCIES
  tasks_gem (~> 0.1.1)

BUNDLED WITH
   1.17.1
