GEM
  remote: https://rubygems.org/
  specs:
    run_tests (0.1.1)
    tasks_gem (0.1.4)
      run_tests (~> 0.1.1)

PLATFORMS
  ruby

DEPENDENCIES
  tasks_gem (~> 0.1.4)

BUNDLED WITH
   1.17.1
